PATH
  remote: .
  specs:
    manga_plus-api (0.1.0)
      google-protobuf (~> 3.21.3)
      httparty (~> 0.18.0)

GEM
  remote: https://rubygems.org/
  specs:
    ast (2.4.0)
    byebug (11.1.3)
    diff-lcs (1.3)
    google-protobuf (3.21.3)
    httparty (0.18.1)
      mime-types (~> 3.0)
      multi_xml (>= 0.5.2)
    mime-types (3.4.1)
      mime-types-data (~> 3.2015)
    mime-types-data (3.2022.0105)
    multi_xml (0.6.0)
    parallel (1.19.1)
    parser (2.7.1.2)
      ast (~> 2.4.0)
    rainbow (3.0.0)
    rake (13.0.1)
    rexml (3.2.4)
    rspec (3.9.0)
      rspec-core (~> 3.9.0)
      rspec-expectations (~> 3.9.0)
      rspec-mocks (~> 3.9.0)
    rspec-core (3.9.2)
      rspec-support (~> 3.9.3)
    rspec-expectations (3.9.2)
      diff-lcs (>= 1.2.0, < 2.0)
      rspec-support (~> 3.9.0)
    rspec-mocks (3.9.1)
      diff-lcs (>= 1.2.0, < 2.0)
      rspec-support (~> 3.9.0)
    rspec-support (3.9.3)
    rubocop (0.84.0)
      parallel (~> 1.10)
      parser (>= 2.7.0.1)
      rainbow (>= 2.2.2, < 4.0)
      rexml
      rubocop-ast (>= 0.0.3)
      ruby-progressbar (~> 1.7)
      unicode-display_width (>= 1.4.0, < 2.0)
    rubocop-ast (0.0.3)
      parser (>= 2.7.0.1)
    ruby-progressbar (1.10.1)
    unicode-display_width (1.7.0)

PLATFORMS
  ruby

DEPENDENCIES
  bundler (~> 2.3.7)
  byebug (~> 11.1.3)
  manga_plus-api!
  rake (~> 13.0)
  rspec (~> 3.0)
  rubocop (~> 0.84)

BUNDLED WITH
   2.3.7
